GEM
  remote: https://rubygems.org/
  specs:
    aho_corasick (0.1.0)
    hike (1.2.3)
    minitest (5.4.1)
    multi_json (1.10.1)
    rack (1.5.2)
    sprockets (2.12.1)
      hike (~> 1.2)
      multi_json (~> 1.0)
      rack (~> 1.0)
      tilt (~> 1.1, != 1.3.0)
    tilt (1.4.1)

PLATFORMS
  ruby

DEPENDENCIES
  aho_corasick
  minitest
  rack
  sprockets
